GEM
  remote: http://rubygems.org/
  specs:
    backports (3.3.3)
    better_errors (0.9.0)
      coderay (>= 1.0.0)
      erubis (>= 2.6.6)
    binding_of_caller (0.7.2)
      debug_inspector (>= 0.0.1)
    coderay (1.0.9)
    debug_inspector (0.0.2)
    erubis (2.7.0)
    eventmachine (1.0.3)
    haml (4.0.3)
      tilt
    rack (1.5.2)
    rack-protection (1.5.0)
      rack
    rack-test (0.6.2)
      rack (>= 1.0)
    sequel (3.47.0)
    sinatra (1.4.3)
      rack (~> 1.4)
      rack-protection (~> 1.4)
      tilt (~> 1.3, >= 1.3.4)
    sinatra-contrib (1.4.0)
      backports (>= 2.0)
      eventmachine
      rack-protection
      rack-test
      sinatra (~> 1.4.2)
      tilt (~> 1.3)
    sinatra-twitter-bootstrap (2.3.1.1)
    tilt (1.4.1)

PLATFORMS
  ruby

DEPENDENCIES
  better_errors
  binding_of_caller
  haml
  sequel
  sinatra
  sinatra-contrib
  sinatra-twitter-bootstrap
